GEM
  remote: https://rubygems.org/
  specs:
    addressable (2.3.6)
    cookiejar (0.3.2)
    em-http-request (1.1.2)
      addressable (>= 2.3.4)
      cookiejar
      em-socksify (>= 0.3)
      eventmachine (>= 1.0.3)
      http_parser.rb (>= 0.6.0)
    em-proxy (0.1.8)
      eventmachine
    em-socksify (0.3.0)
      eventmachine (>= 1.0.0.beta.4)
    eventmachine (1.0.4)
    eventmachine_httpserver (0.2.1)
    http_parser (0.1.3)
    http_parser.rb (0.6.0)
    redis (3.2.0)
    webrick (1.3.1)

PLATFORMS
  ruby

DEPENDENCIES
  em-http-request
  em-proxy
  eventmachine
  eventmachine_httpserver
  http_parser
  redis
  webrick
